PATH
  remote: .
  specs:
    AsciiGen (0.1.0)
      codecov (~> 0.6.0)
      mini_magick (~> 4.11.0)
      rspec (~> 3.12.0)
      thor (~> 1.2.0)

GEM
  remote: https://rubygems.org/
  specs:
    codecov (0.6.0)
      simplecov (>= 0.15, < 0.22)
    diff-lcs (1.5.0)
    docile (1.4.0)
    mini_magick (4.11.0)
    rspec (3.12.0)
      rspec-core (~> 3.12.0)
      rspec-expectations (~> 3.12.0)
      rspec-mocks (~> 3.12.0)
    rspec-core (3.12.0)
      rspec-support (~> 3.12.0)
    rspec-expectations (3.12.0)
      diff-lcs (>= 1.2.0, < 2.0)
      rspec-support (~> 3.12.0)
    rspec-mocks (3.12.0)
      diff-lcs (>= 1.2.0, < 2.0)
      rspec-support (~> 3.12.0)
    rspec-support (3.12.0)
    simplecov (0.21.2)
      docile (~> 1.1)
      simplecov-html (~> 0.11)
      simplecov_json_formatter (~> 0.1)
    simplecov-html (0.12.3)
    simplecov_json_formatter (0.1.4)
    thor (1.2.1)

PLATFORMS
  x86_64-linux

DEPENDENCIES
  AsciiGen!

BUNDLED WITH
   2.3.25
